PATH
  remote: .
  specs:
    text-hyphen (1.4)

GEM
  remote: https://rubygems.org/
  specs:
    hoe (3.15.0)
      rake (>= 0.8, < 12.0)
    hoe-doofus (1.0.0)
    hoe-gemspec (1.0.0)
      hoe (>= 2.2.0)
    hoe-git (1.6.0)
    hoe-seattlerb (1.3.4)
    json (1.8.3)
    json_pure (1.8.3)
    rake (11.1.2)
    rdoc (3.12.2)
      json (~> 1.4)
    rubyforge (2.0.4)
      json_pure (>= 1.1.7)

PLATFORMS
  ruby

DEPENDENCIES
  hoe (~> 3.0)
  hoe-doofus (~> 1.0)
  hoe-gemspec (~> 1.0)
  hoe-git (~> 1.0)
  hoe-seattlerb (~> 1.0)
  rdoc (~> 3.10)
  rubyforge (>= 2.0.4)
  text-hyphen!

BUNDLED WITH
   1.11.2
